NUGET
  remote: https://www.nuget.org/api/v2
  specs:
    akavache (4.1.1) - framework: >= net45
      akavache.sqlite3 (4.1.1)
    akavache.core (4.1.1) - framework: >= net45
      Newtonsoft.Json (>= 6.0.3)
      Rx-Main (>= 2.2.5)
      Rx-WinRT (>= 2.2.5) - framework: winv4.5, wpv8.0, portable-win81+wpa81
      Rx-Xaml (>= 2.2.5) - framework: winv4.5, wpv8.0, portable-win81+wpa81, >= net45
      Splat (>= 1.3.3)
    akavache.sqlite3 (4.1.1) - framework: >= net45
      SQLitePCL.raw_basic (>= 0.7.0)
      akavache.core (4.1.1)
    Caliburn.Micro (2.0.2) - framework: >= net45
      Caliburn.Micro.Core (2.0.2)
      Callisto (1.3.1) - framework: winv4.5
      Windows.UI.Interactivity (1.3.0) - framework: winv4.5
    Caliburn.Micro.Core (2.0.2) - framework: >= net45
    Callisto (1.3.1) - framework: winv4.5
    DeltaCompressionDotNet (1.0.0) - framework: >= net45
    Espera-Network (1.0.36) - framework: >= net45
      Newtonsoft.Json (>= 6.0.1)
    GlobalHotKey (1.1.0) - framework: >= net45
    Google.GData.Client (2.2.0.0) - framework: >= net45
      Newtonsoft.Json (>= 4.0.5)
    Google.GData.Extensions (2.2.0.0) - framework: >= net45
      Google.GData.Client (>= 2.2.0.0)
      Newtonsoft.Json (>= 4.0.5)
    Google.GData.YouTube (2.2.0.0) - framework: >= net45
      Google.GData.Client (>= 2.2.0.0)
      Google.GData.Extensions (>= 2.2.0.0)
      Newtonsoft.Json (>= 4.0.5)
    Lager (0.4.2) - framework: >= net45
      akavache.core (>= 4.0.0)
    MahApps.Metro (1.1.2.0) - framework: >= net45
    Microsoft.Bcl (1.1.10)
      Microsoft.Bcl.Build (>= 1.0.14)
    Microsoft.Bcl.Build (1.0.21)
    Microsoft.Net.Http (2.2.29) - framework: wpv8.0
      Microsoft.Bcl (>= 1.1.10)
      Microsoft.Bcl.Build (>= 1.0.14)
    Microsoft.Web.Xdt (2.1.1) - framework: >= net45
    Mono.Cecil (0.9.5.4) - framework: >= net45
    NAudio (1.7.3) - framework: >= net45
    Newtonsoft.Json (6.0.8) - framework: >= net45
    NLog (3.2.0.0) - framework: >= net45
    NSubstitute (1.8.1.0) - framework: >= net45
    NuGet.CommandLine (2.8.6)
    NuGet.Core (2.8.3) - framework: >= net45
      Microsoft.Web.Xdt (>= 2.1.0)
    Ookii.Dialogs (1.0) - framework: >= net45
    Paket (1.36.1) - framework: >= net45
    Punchclock (1.2.0) - framework: >= net45
      Rx-Main (>= 2.2.5)
    Rareform (1.5.2) - framework: >= net45
    ReactiveMarrow (0.5.1) - framework: >= net45
      Rx-Main (>= 2.2.5)
    reactiveui (6.4.0.1) - framework: >= net45
      reactiveui-core (6.4.0.1)
    reactiveui-core (6.4.0.1) - framework: >= net45
      Rx-Main (>= 2.2.5)
      Rx-WinRT (>= 2.2.5) - framework: winv4.5, wpv8.0, portable-win81+wpa81
      Rx-Xaml (>= 2.2.5) - framework: winv4.5, wpv8.0, portable-win81+wpa81, >= net45
      Splat (>= 1.6.0)
    reactiveui-events (6.4.0.1) - framework: >= net45
      Rx-Main (>= 2.2.5)
    reactiveui-testing (6.4.0.1) - framework: >= net45
      Rx-Testing (>= 2.2.5) - framework: winv4.5, wpv8.0, >= net45
      reactiveui-core (6.4.0.1) - framework: monoandroid, monotouch, winv4.5, wpv8.0, >= net45
    refit (2.2.1) - framework: >= net45
      Microsoft.Net.Http (>= 2.2.28) - framework: wpv8.0
      Newtonsoft.Json (>= 6.0.5)
    Rx-Core (2.2.5) - framework: >= net45
      Rx-Interfaces (>= 2.2.5)
    Rx-Interfaces (2.2.5) - framework: >= net45
    Rx-Linq (2.2.5) - framework: >= net45
      Rx-Core (>= 2.2.5)
      Rx-Interfaces (>= 2.2.5)
    Rx-Main (2.2.5) - framework: >= net45
      Rx-Core (>= 2.2.5)
      Rx-Interfaces (>= 2.2.5)
      Rx-Linq (>= 2.2.5)
      Rx-PlatformServices (>= 2.2.5)
    Rx-PlatformServices (2.2.5) - framework: >= net45
      Rx-Core (>= 2.2.5)
      Rx-Interfaces (>= 2.2.5)
    Rx-Testing (2.2.5) - framework: >= net45
      Rx-Main (>= 2.2.5)
    Rx-WinRT (2.2.5) - framework: winv4.5, wpv8.0, portable-win81+wpa81
      Rx-Main (>= 2.2.5)
    Rx-Xaml (2.2.5) - framework: >= net45
      Rx-Main (>= 2.2.5)
    Splat (1.6.2) - framework: >= net45
    SQLitePCL.raw_basic (0.7.1) - framework: >= net45
    squirrel.windows (0.9.3) - framework: >= net45
      DeltaCompressionDotNet (>= 1.0.0)
      Mono.Cecil (>= 0.9.5.4)
      NuGet.Core (>= 2.8.3)
      Splat (>= 1.5.1)
    System.IO.Abstractions (2.0.0.113) - framework: >= net45
    System.IO.Abstractions.TestingHelpers (2.0.0.113) - framework: >= net45
      System.IO.Abstractions
    taglib (2.1.0.0) - framework: >= net45
    Windows.UI.Interactivity (1.3.0.0) - framework: winv4.5
    Xamarin.Insights (1.9.1.107) - framework: >= net45
    xunit (1.9.2) - framework: >= net45
    xunit.runner.visualstudio (2.0.0) - framework: >= net45
    YoutubeExtractor (0.10.6) - framework: >= net45
      Newtonsoft.Json (>= 6.0.6)
